GIT
  remote: git@github.com:sinatra/sinatra.git
  revision: 0a0957aefa86dc2ab7f0698f2c1ca2df8e33b511
  specs:
    sinatra (1.4.6)
      rack (~> 1.4)
      rack-protection (~> 1.4)
      tilt (>= 1.3, < 3)

GEM
  remote: https://rubygems.org/
  specs:
    rack (1.6.0)
    rack-protection (1.5.3)
      rack
    tilt (2.0.1)

PLATFORMS
  ruby

DEPENDENCIES
  sinatra!
